GEM
  remote: https://rubygems.org/
  specs:
    crxmake (2.2.0)
      rubyzip (~> 1.1.0)
    rake (10.4.2)
    rubyzip (1.1.7)

PLATFORMS
  ruby

DEPENDENCIES
  crxmake
  rake

BUNDLED WITH
   1.11.2
