GEM
  remote: http://rubygems.org/
  specs:
    crxmake (2.0.6)
      zip (~> 2.0.2)
    rake (0.9.2)
    zip (2.0.2)

PLATFORMS
  ruby

DEPENDENCIES
  crxmake
  rake
